GEM
  remote: https://rubygems.org/
  specs:
    byebug (11.1.3)
    sqlite3 (1.7.0-arm64-darwin)

PLATFORMS
  arm64-darwin-22

DEPENDENCIES
  byebug
  sqlite3

BUNDLED WITH
   2.4.19
